PATH
  remote: .
  specs:
    bresson (0.0.4)
      flickraw

GEM
  remote: http://rubygems.org/
  specs:
    diff-lcs (1.1.2)
    flickraw (0.9.4)
    rspec (2.5.0)
      rspec-core (~> 2.5.0)
      rspec-expectations (~> 2.5.0)
      rspec-mocks (~> 2.5.0)
    rspec-core (2.5.1)
    rspec-expectations (2.5.0)
      diff-lcs (~> 1.1.2)
    rspec-mocks (2.5.0)

PLATFORMS
  ruby

DEPENDENCIES
  bresson!
  rspec
