PATH
  remote: .
  specs:
    bresson (0.0.1)
      flickraw

GEM
  remote: http://rubygems.org/
  specs:
    diff-lcs (1.1.2)
    flickraw (0.8.4)
      json (>= 1.1.1)
    json (1.5.1)
    rspec (2.5.0)
      rspec-core (~> 2.5.0)
      rspec-expectations (~> 2.5.0)
      rspec-mocks (~> 2.5.0)
    rspec-core (2.5.1)
    rspec-expectations (2.5.0)
      diff-lcs (~> 1.1.2)
    rspec-mocks (2.5.0)

PLATFORMS
  ruby

DEPENDENCIES
  bresson!
  flickraw
  rspec
